GEM
  remote: https://rubygems.org/
  specs:
    chunky_png (1.2.8)
    compass (0.12.2)
      chunky_png (~> 1.2)
      fssm (>= 0.2.7)
      sass (~> 3.1)
    compass-normalize (1.4.3)
      compass (>= 0.12.0)
    fssm (0.2.10)
    sass (3.2.11)

PLATFORMS
  ruby

DEPENDENCIES
  compass (~> 0.12.2)
  compass-normalize (~> 1.4.3)
